PATH
  remote: ../rulers
  specs:
    rulers (0.1.0)
      rack

GEM
  remote: https://rubygems.org/
  specs:
    ffi (1.9.18)
    listen (3.1.5)
      rb-fsevent (~> 0.9, >= 0.9.4)
      rb-inotify (~> 0.9, >= 0.9.7)
      ruby_dep (~> 1.2)
    rack (2.0.1)
    rb-fsevent (0.9.8)
    rb-inotify (0.9.8)
      ffi (>= 0.5.0)
    rerun (0.11.0)
      listen (~> 3.0)
    ruby_dep (1.5.0)

PLATFORMS
  ruby

DEPENDENCIES
  rerun
  rulers!

BUNDLED WITH
   1.12.5
